GEM
  remote: https://rubygems.org/
  specs:
    ruby-ldap (0.9.19)

PLATFORMS
  ruby

DEPENDENCIES
  ruby-ldap (~> 0.9.11)

BUNDLED WITH
   1.14.6
